PATH
  remote: .
  specs:
    gdm (3.2.3)
      rubyzip (= 2.3.0)
      uname (= 1.0)

GEM
  remote: https://rubygems.org/
  specs:
    rake (13.0.3)
    rubyzip (2.3.0)
    uname (1.0)

PLATFORMS
  x86_64-linux

DEPENDENCIES
  gdm!
  rake (~> 13.0)

BUNDLED WITH
   2.2.3
